GEM
  remote: https://rubygems.org/
  specs:
    bigdecimal (3.1.9)
    bson (5.0.2)
    coderay (1.1.3)
    method_source (1.1.0)
    mongo (2.21.0)
      bson (>= 4.14.1, < 6.0.0)
    ox (2.14.22)
      bigdecimal (>= 3.0)
    pry (0.15.2)
      coderay (~> 1.1)
      method_source (~> 1.0)

PLATFORMS
  ruby
  x86_64-linux

DEPENDENCIES
  mongo
  ox
  pry

BUNDLED WITH
   2.6.3
